GEM
  remote: https://rubygems.org/
  specs:
    addressable (2.5.2)
      public_suffix (>= 2.0.2, < 4.0)
    backports (3.8.0)
    buftok (0.2.0)
    coffee-script (2.2.0)
      coffee-script-source
      execjs
    coffee-script-source (1.12.2)
    daemons (1.2.4)
    dashing (1.3.7)
      coffee-script (~> 2.2.0)
      execjs (~> 2.0.2)
      rack (~> 1.5.4)
      rufus-scheduler (~> 2.0.24)
      sass (~> 3.2.12)
      sinatra (~> 1.4.4)
      sinatra-contrib (~> 1.4.2)
      sprockets (~> 2.10.1)
      thin (~> 1.6.1)
      thor (> 0.18.1)
    domain_name (0.5.20170404)
      unf (>= 0.0.5, < 1.0.0)
    dotenv (2.2.1)
    equalizer (0.0.11)
    eventmachine (1.2.5)
    execjs (2.0.2)
    faraday (0.11.0)
      multipart-post (>= 1.2, < 3)
    haml (5.0.3)
      temple (>= 0.8.0)
      tilt
    hike (1.2.3)
    http (2.2.2)
      addressable (~> 2.3)
      http-cookie (~> 1.0)
      http-form_data (~> 1.0.1)
      http_parser.rb (~> 0.6.0)
    http-cookie (1.0.3)
      domain_name (~> 0.5)
    http-form_data (1.0.3)
    http_parser.rb (0.6.0)
    libv8 (3.16.14.19)
    memoizable (0.4.2)
      thread_safe (~> 0.3, >= 0.3.1)
    mqtt (0.5.0)
    multi_json (1.12.2)
    multipart-post (2.0.0)
    naught (1.1.0)
    net-ping (2.0.1)
    public_suffix (3.0.0)
    rack (1.5.5)
    rack-protection (1.5.3)
      rack
    rack-test (0.7.0)
      rack (>= 1.0, < 3)
    rake (12.1.0)
    ref (2.0.0)
    rufus-scheduler (2.0.24)
      tzinfo (>= 0.3.22)
    sass (3.2.19)
    sentry-raven (2.6.3)
      faraday (>= 0.7.6, < 1.0)
    simple_oauth (0.3.1)
    sinatra (1.4.8)
      rack (~> 1.5)
      rack-protection (~> 1.4)
      tilt (>= 1.3, < 3)
    sinatra-contrib (1.4.7)
      backports (>= 2.0)
      multi_json
      rack-protection
      rack-test
      sinatra (~> 1.4.0)
      tilt (>= 1.3, < 3)
    sprockets (2.10.2)
      hike (~> 1.2)
      multi_json (~> 1.0)
      rack (~> 1.0)
      tilt (~> 1.1, != 1.3.0)
    temple (0.8.0)
    therubyracer (0.12.3)
      libv8 (~> 3.16.14.15)
      ref
    thin (1.6.4)
      daemons (~> 1.0, >= 1.0.9)
      eventmachine (~> 1.0, >= 1.0.4)
      rack (~> 1.0)
    thor (0.20.0)
    thread_safe (0.3.6)
    tilt (1.4.1)
    twitter (6.1.0)
      addressable (~> 2.5)
      buftok (~> 0.2.0)
      equalizer (= 0.0.11)
      faraday (~> 0.11.0)
      http (~> 2.1)
      http_parser.rb (~> 0.6.0)
      memoizable (~> 0.4.2)
      naught (~> 1.1)
      simple_oauth (~> 0.3.1)
    tzinfo (1.2.3)
      thread_safe (~> 0.1)
    unf (0.1.4)
      unf_ext
    unf_ext (0.0.7.4)
    xml-simple (1.1.5)

PLATFORMS
  ruby

DEPENDENCIES
  dashing
  dotenv
  haml
  mqtt
  net-ping
  rake
  sentry-raven
  therubyracer
  twitter
  xml-simple

BUNDLED WITH
   1.13.7
