GEM
  remote: https://rubygems.org/
  specs:
    addressable (2.8.7)
      public_suffix (>= 2.0.2, < 7.0)
    base64 (0.2.0)
    bigdecimal (3.1.9)
    buftok (0.3.0)
    coffee-script (2.4.1)
      coffee-script-source
      execjs
    coffee-script-source (1.12.2)
    concurrent-ruby (1.3.5)
    daemons (1.4.1)
    domain_name (0.6.20240107)
    dotenv (3.1.8)
    equalizer (0.0.11)
    et-orbi (1.2.11)
      tzinfo
    eventmachine (1.2.7)
    execjs (2.10.0)
    faraday (2.13.1)
      faraday-net_http (>= 2.0, < 3.5)
      json
      logger
    faraday-net_http (3.4.0)
      net-http (>= 0.5.0)
    ffi (1.17.2)
    ffi-compiler (1.3.2)
      ffi (>= 1.15.5)
      rake
    fugit (1.11.1)
      et-orbi (~> 1, >= 1.2.11)
      raabro (~> 1.4)
    haml (5.2.2)
      temple (>= 0.8.0)
      tilt
    http (5.2.0)
      addressable (~> 2.8)
      base64 (~> 0.1)
      http-cookie (~> 1.0)
      http-form_data (~> 2.2)
      llhttp-ffi (~> 0.5.0)
    http-cookie (1.0.8)
      domain_name (~> 0.5)
    http-form_data (2.3.0)
    json (2.12.0)
    llhttp-ffi (0.5.1)
      ffi-compiler (~> 1.0)
      rake (~> 13.0)
    logger (1.7.0)
    memoizable (0.4.2)
      thread_safe (~> 0.3, >= 0.3.1)
    mqtt (0.6.0)
    multi_json (1.15.0)
    multipart-post (2.4.1)
    mustermann (2.0.2)
      ruby2_keywords (~> 0.0.1)
    naught (1.1.0)
    net-http (0.6.0)
      uri
    net-ping (2.0.8)
    prometheus-api-client (0.6.4)
      faraday (>= 2.0.0, < 3.0.0)
    public_suffix (6.0.2)
    raabro (1.4.0)
    rack (2.2.15)
    rack-protection (2.2.4)
      rack
    rake (13.2.1)
    rexml (3.4.1)
    ruby2_keywords (0.0.5)
    rufus-scheduler (3.9.2)
      fugit (~> 1.1, >= 1.11.1)
    sassc (2.4.0)
      ffi (~> 1.9)
    sentry-ruby (5.24.0)
      bigdecimal
      concurrent-ruby (~> 1.0, >= 1.0.2)
    simple_oauth (0.3.1)
    sinatra (2.2.4)
      mustermann (~> 2.0)
      rack (~> 2.2)
      rack-protection (= 2.2.4)
      tilt (~> 2.0)
    sinatra-contrib (2.2.4)
      multi_json
      mustermann (~> 2.0)
      rack-protection (= 2.2.4)
      sinatra (= 2.2.4)
      tilt (~> 2.0)
    smashing (1.3.6)
      coffee-script (~> 2.4)
      execjs (~> 2.7)
      rack (>= 2.2, < 4.0)
      rufus-scheduler (~> 3.6)
      sassc (~> 2.0)
      sinatra (~> 2.2)
      sinatra-contrib (~> 2.0)
      sprockets (~> 4.0)
      thin (~> 1.7)
      thor (~> 1.0)
    sprockets (4.2.2)
      concurrent-ruby (~> 1.0)
      logger
      rack (>= 2.2.4, < 4)
    temple (0.10.3)
    thin (1.8.2)
      daemons (~> 1.0, >= 1.0.9)
      eventmachine (~> 1.0, >= 1.0.4)
      rack (>= 1, < 3)
    thor (1.3.2)
    thread_safe (0.3.6)
    tilt (2.6.0)
    twitter (8.2.0)
      addressable (~> 2.8)
      buftok (~> 0.3.0)
      equalizer (~> 0.0.11)
      http (~> 5.2)
      http-form_data (~> 2.3)
      llhttp-ffi (~> 0.5.0)
      memoizable (~> 0.4.0)
      multipart-post (~> 2.4)
      naught (~> 1.1)
      simple_oauth (~> 0.3.0)
    tzinfo (2.0.6)
      concurrent-ruby (~> 1.0)
    uri (1.0.3)
    xml-simple (1.1.9)
      rexml

PLATFORMS
  ruby

DEPENDENCIES
  dotenv
  haml (~> 5)
  json
  mqtt
  net-ping
  prometheus-api-client
  sentry-ruby
  smashing
  twitter
  xml-simple

BUNDLED WITH
   2.4.19
