GEM
  remote: https://rubygems.org/
  specs:
    addressable (2.8.1)
      public_suffix (>= 2.0.2, < 6.0)
    buftok (0.2.0)
    coffee-script (2.4.1)
      coffee-script-source
      execjs
    coffee-script-source (1.12.2)
    concurrent-ruby (1.1.10)
    daemons (1.4.1)
    domain_name (0.5.20190701)
      unf (>= 0.0.5, < 1.0.0)
    dotenv (2.8.1)
    equalizer (0.0.11)
    et-orbi (1.2.7)
      tzinfo
    eventmachine (1.2.7)
    execjs (2.8.1)
    faraday (1.10.2)
      faraday-em_http (~> 1.0)
      faraday-em_synchrony (~> 1.0)
      faraday-excon (~> 1.1)
      faraday-httpclient (~> 1.0)
      faraday-multipart (~> 1.0)
      faraday-net_http (~> 1.0)
      faraday-net_http_persistent (~> 1.0)
      faraday-patron (~> 1.0)
      faraday-rack (~> 1.0)
      faraday-retry (~> 1.0)
      ruby2_keywords (>= 0.0.4)
    faraday-em_http (1.0.0)
    faraday-em_synchrony (1.0.0)
    faraday-excon (1.1.0)
    faraday-httpclient (1.0.1)
    faraday-multipart (1.0.4)
      multipart-post (~> 2)
    faraday-net_http (1.0.1)
    faraday-net_http_persistent (1.2.0)
    faraday-patron (1.0.0)
    faraday-rack (1.0.0)
    faraday-retry (1.0.3)
    ffi (1.15.5)
    ffi-compiler (1.0.1)
      ffi (>= 1.0.0)
      rake
    fugit (1.7.1)
      et-orbi (~> 1, >= 1.2.7)
      raabro (~> 1.4)
    haml (6.0.1)
      temple (>= 0.8.2)
      thor
      tilt
    http (4.4.1)
      addressable (~> 2.3)
      http-cookie (~> 1.0)
      http-form_data (~> 2.2)
      http-parser (~> 1.2.0)
    http-cookie (1.0.5)
      domain_name (~> 0.5)
    http-form_data (2.3.0)
    http-parser (1.2.3)
      ffi-compiler (>= 1.0, < 2.0)
    http_parser.rb (0.6.0)
    json (2.6.2)
    memoizable (0.4.2)
      thread_safe (~> 0.3, >= 0.3.1)
    mqtt (0.5.0)
    multi_json (1.15.0)
    multipart-post (2.2.3)
    mustermann (2.0.2)
      ruby2_keywords (~> 0.0.1)
    naught (1.1.0)
    net-ping (2.0.8)
    prometheus-api-client (0.6.2)
      faraday (>= 0.9, < 2.0.0)
    public_suffix (5.0.0)
    raabro (1.4.0)
    rack (2.2.4)
    rack-protection (2.2.2)
      rack
    rake (13.0.6)
    rexml (3.2.5)
    ruby2_keywords (0.0.5)
    rufus-scheduler (3.8.2)
      fugit (~> 1.1, >= 1.1.6)
    sassc (2.4.0)
      ffi (~> 1.9)
    sentry-ruby (5.4.2)
      concurrent-ruby (~> 1.0, >= 1.0.2)
    simple_oauth (0.3.1)
    sinatra (2.2.2)
      mustermann (~> 2.0)
      rack (~> 2.2)
      rack-protection (= 2.2.2)
      tilt (~> 2.0)
    sinatra-contrib (2.2.2)
      multi_json
      mustermann (~> 2.0)
      rack-protection (= 2.2.2)
      sinatra (= 2.2.2)
      tilt (~> 2.0)
    smashing (1.3.5)
      coffee-script (~> 2.4)
      execjs (~> 2.7)
      rack (~> 2.2)
      rufus-scheduler (~> 3.6)
      sassc (~> 2.0)
      sinatra (~> 2.0)
      sinatra-contrib (~> 2.0)
      sprockets (~> 4.0)
      thin (~> 1.7)
      thor (~> 1.0)
    sprockets (4.1.1)
      concurrent-ruby (~> 1.0)
      rack (> 1, < 3)
    temple (0.8.2)
    thin (1.8.1)
      daemons (~> 1.0, >= 1.0.9)
      eventmachine (~> 1.0, >= 1.0.4)
      rack (>= 1, < 3)
    thor (1.2.1)
    thread_safe (0.3.6)
    tilt (2.0.11)
    twitter (7.0.0)
      addressable (~> 2.3)
      buftok (~> 0.2.0)
      equalizer (~> 0.0.11)
      http (~> 4.0)
      http-form_data (~> 2.0)
      http_parser.rb (~> 0.6.0)
      memoizable (~> 0.4.0)
      multipart-post (~> 2.0)
      naught (~> 1.0)
      simple_oauth (~> 0.3.0)
    tzinfo (2.0.5)
      concurrent-ruby (~> 1.0)
    unf (0.1.4)
      unf_ext
    unf_ext (0.0.8.2)
    xml-simple (1.1.9)
      rexml

PLATFORMS
  ruby

DEPENDENCIES
  dotenv
  haml
  json
  mqtt
  net-ping
  prometheus-api-client
  sentry-ruby
  smashing
  twitter
  xml-simple

BUNDLED WITH
   2.3.5
